GEM
  remote: http://rubygems.org/
  specs:
    backports (3.1.1)
    bson (1.8.4)
    bson_ext (1.8.4)
      bson (~> 1.8.4)
    mongo (1.8.4)
      bson (~> 1.8.4)
    monkey-lib (0.5.4)
      backports
    rack (1.5.2)
    rack-protection (1.5.0)
      rack
    sinatra (1.4.2)
      rack (~> 1.5, >= 1.5.2)
      rack-protection (~> 1.4)
      tilt (~> 1.3, >= 1.3.4)
    sinatra-advanced-routes (0.5.2)
      monkey-lib (~> 0.5.0)
      sinatra (~> 1.0)
      sinatra-sugar (~> 0.5.0)
    sinatra-reloader (0.5.0)
      sinatra (~> 1.0)
      sinatra-advanced-routes (~> 0.5.0)
    sinatra-sugar (0.5.1)
      monkey-lib (~> 0.5.0)
      sinatra (~> 1.0)
    tilt (1.3.6)

PLATFORMS
  ruby

DEPENDENCIES
  bson_ext
  mongo
  sinatra
  sinatra-reloader
